PATH
  remote: .
  specs:
    fdb_object (0.0.2)
      fdb
      multi_json

GEM
  remote: https://rubygems.org/
  specs:
    fdb (0.2.2.5)
      ffi (>= 1.1.5)
    ffi (1.9.0)
    multi_json (1.7.7)

PLATFORMS
  ruby

DEPENDENCIES
  fdb_object!
