PATH
  remote: .
  specs:
    fdb_object (0.0.1)
      fdb
      msgpack
      multi_json

GEM
  remote: https://rubygems.org/
  specs:
    fdb (0.2.2.5)
      ffi (>= 1.1.5)
    ffi (1.9.0)
    msgpack (0.5.5)
    multi_json (1.7.7)

PLATFORMS
  ruby

DEPENDENCIES
  fdb_object!
